GEM
  remote: https://rubygems.org/
  specs:
    addressable (2.8.1)
      public_suffix (>= 2.0.2, < 6.0)
    ast (2.4.2)
    axiom-types (0.1.1)
      descendants_tracker (~> 0.0.4)
      ice_nine (~> 0.11.0)
      thread_safe (~> 0.3, >= 0.3.1)
    backport (1.2.0)
    benchmark (0.2.1)
    coercible (1.0.0)
      descendants_tracker (~> 0.0.1)
    descendants_tracker (0.0.4)
      thread_safe (~> 0.3, >= 0.3.1)
    diff-lcs (1.5.0)
    docile (1.4.0)
    e2mmap (0.1.0)
    equalizer (0.0.11)
    erubi (1.12.0)
    flay (2.13.0)
      erubi (~> 1.10)
      path_expander (~> 1.0)
      ruby_parser (~> 3.0)
      sexp_processor (~> 4.0)
    flog (4.6.6)
      path_expander (~> 1.0)
      ruby_parser (~> 3.1, > 3.1.0)
      sexp_processor (~> 4.8)
    ice_nine (0.11.2)
    jaro_winkler (1.5.4)
    json (2.6.3)
    kramdown (2.4.0)
      rexml
    kramdown-parser-gfm (1.1.0)
      kramdown (~> 2.0)
    kwalify (0.7.2)
    launchy (2.5.2)
      addressable (~> 2.8)
    mustermann (3.0.0)
      ruby2_keywords (~> 0.0.1)
    nokogiri (1.14.1-x86_64-linux)
      racc (~> 1.4)
    parallel (1.22.1)
    parser (3.2.0.0)
      ast (~> 2.4.1)
    path_expander (1.1.1)
    public_suffix (5.0.1)
    racc (1.6.2)
    rack (2.2.6.2)
    rack-protection (3.0.5)
      rack
    rainbow (3.1.1)
    reek (6.1.4)
      kwalify (~> 0.7.0)
      parser (~> 3.2.0)
      rainbow (>= 2.0, < 4.0)
    regexp_parser (2.6.2)
    reverse_markdown (2.1.1)
      nokogiri
    rexml (3.2.5)
    rubocop (1.44.1)
      json (~> 2.3)
      parallel (~> 1.10)
      parser (>= 3.2.0.0)
      rainbow (>= 2.2.2, < 4.0)
      regexp_parser (>= 1.8, < 3.0)
      rexml (>= 3.2.5, < 4.0)
      rubocop-ast (>= 1.24.1, < 2.0)
      ruby-progressbar (~> 1.7)
      unicode-display_width (>= 2.4.0, < 3.0)
    rubocop-ast (1.24.1)
      parser (>= 3.1.1.0)
    ruby-progressbar (1.11.0)
    ruby2_keywords (0.0.5)
    ruby_parser (3.19.2)
      sexp_processor (~> 4.16)
    rubycritic (4.7.0)
      flay (~> 2.8)
      flog (~> 4.4)
      launchy (>= 2.0.0)
      parser (>= 2.6.0)
      rainbow (~> 3.0)
      reek (~> 6.0, < 7.0)
      ruby_parser (~> 3.8)
      simplecov (>= 0.17.0)
      tty-which (~> 0.4.0)
      virtus (~> 1.0)
    sexp_processor (4.16.1)
    simplecov (0.22.0)
      docile (~> 1.1)
      simplecov-html (~> 0.11)
      simplecov_json_formatter (~> 0.1)
    simplecov-html (0.12.3)
    simplecov_json_formatter (0.1.4)
    sinatra (3.0.5)
      mustermann (~> 3.0)
      rack (~> 2.2, >= 2.2.4)
      rack-protection (= 3.0.5)
      tilt (~> 2.0)
    solargraph (0.48.0)
      backport (~> 1.2)
      benchmark
      bundler (>= 1.17.2)
      diff-lcs (~> 1.4)
      e2mmap
      jaro_winkler (~> 1.5)
      kramdown (~> 2.3)
      kramdown-parser-gfm (~> 1.1)
      parser (~> 3.0)
      reverse_markdown (>= 1.0.5, < 3)
      rubocop (>= 0.52)
      thor (~> 1.0)
      tilt (~> 2.0)
      yard (~> 0.9, >= 0.9.24)
    thor (1.2.1)
    thread_safe (0.3.6)
    tilt (2.0.11)
    tty-which (0.4.2)
    unicode-display_width (2.4.2)
    virtus (1.0.5)
      axiom-types (~> 0.1)
      coercible (~> 1.0)
      descendants_tracker (~> 0.0, >= 0.0.3)
      equalizer (~> 0.0, >= 0.0.9)
    webrick (1.7.0)
    yard (0.9.28)
      webrick (~> 1.7.0)

PLATFORMS
  x86_64-linux

DEPENDENCIES
  rubocop
  rubycritic
  sinatra
  solargraph

RUBY VERSION
   ruby 3.1.2p20

BUNDLED WITH
   2.3.7
